PATH
  remote: .
  specs:
    odania_ops (0.0.1)
      deep_merge
      docker-api
      httparty
      thor

GEM
  remote: https://rubygems.org/
  specs:
    deep_merge (1.0.1)
    docker-api (1.24.1)
      excon (>= 0.38.0)
      json
    excon (0.45.4)
    httparty (0.13.7)
      json (~> 1.8)
      multi_xml (>= 0.5.2)
    json (1.8.3)
    multi_xml (0.5.5)
    thor (0.19.1)

PLATFORMS
  ruby

DEPENDENCIES
  odania_ops!
