PATH
  remote: .
  specs:
    odania_ops (0.0.13)
      activesupport
      aws-sdk (~> 2)
      bigdecimal
      deep_merge
      docker-api
      erubis
      httparty
      sshkit
      thor

GEM
  remote: https://rubygems.org/
  specs:
    activesupport (4.2.9)
      i18n (~> 0.7)
      minitest (~> 5.1)
      thread_safe (~> 0.3, >= 0.3.4)
      tzinfo (~> 1.1)
    aws-sdk (2.10.16)
      aws-sdk-resources (= 2.10.16)
    aws-sdk-core (2.10.16)
      aws-sigv4 (~> 1.0)
      jmespath (~> 1.0)
    aws-sdk-resources (2.10.16)
      aws-sdk-core (= 2.10.16)
    aws-sigv4 (1.0.1)
    bigdecimal (1.2.4)
    deep_merge (1.1.1)
    docker-api (1.33.6)
      excon (>= 0.38.0)
      json
    erubis (2.7.0)
    excon (0.58.0)
    httparty (0.15.5)
      multi_xml (>= 0.5.2)
    i18n (0.8.6)
    jmespath (1.3.1)
    json (2.1.0)
    minitest (5.10.3)
    multi_xml (0.6.0)
    net-scp (1.2.1)
      net-ssh (>= 2.6.5)
    net-ssh (4.1.0)
    sshkit (1.14.0)
      net-scp (>= 1.1.2)
      net-ssh (>= 2.8.0)
    thor (0.20.0)
    thread_safe (0.3.6)
    tzinfo (1.2.3)
      thread_safe (~> 0.1)

PLATFORMS
  ruby

DEPENDENCIES
  odania_ops!

BUNDLED WITH
   1.15.4
